GIT
  remote: https://github.com/sonots/mysql2-metrics
  revision: 948e3e814f27e7b2cf3804d882aef4ff89c1c10e
  specs:
    mysql2-metrics (0.0.1)
      mysql2

GIT
  remote: https://github.com/sonots/rack-ltsv_logger
  revision: c21640347ee585a56901f6e8449f2619b0873ad6
  specs:
    rack-ltsv_logger (0.0.1)
      rack

GIT
  remote: https://github.com/sonots/sinatra-template_metrics
  revision: b189f280fa505fb840f4b6148a4f341433f8eb65
  specs:
    sinatra-template_metrics (0.0.1)
      sinatra

GEM
  remote: https://rubygems.org/
  specs:
    backports (3.3.5)
    hiredis (0.5.2)
    json (1.8.0)
    kgio (2.8.1)
    macaddr (1.6.1)
      systemu (~> 2.5.0)
    multi_json (1.8.2)
    mysql2 (0.3.13)
    mysql2-cs-bind (0.0.6)
      mysql2
    rack (1.5.2)
    rack-protection (1.5.1)
      rack
    rack-test (0.6.2)
      rack (>= 1.0)
    raindrops (0.12.0)
    redis (3.1.0)
    shotgun (0.9)
      rack (>= 1.0)
    sinatra (1.4.3)
      rack (~> 1.4)
      rack-protection (~> 1.4)
      tilt (~> 1.3, >= 1.3.4)
    sinatra-contrib (1.4.1)
      backports (>= 2.0)
      multi_json
      rack-protection
      rack-test
      sinatra (~> 1.4.0)
      tilt (~> 1.3)
    systemu (2.5.2)
    tilt (1.4.1)
    unicorn (4.6.3)
      kgio (~> 2.6)
      rack
      raindrops (~> 0.7)
    uuid (2.3.7)
      macaddr (~> 1.0)

PLATFORMS
  ruby

DEPENDENCIES
  hiredis
  json (= 1.8.0)
  mysql2 (= 0.3.13)
  mysql2-cs-bind (= 0.0.6)
  mysql2-metrics!
  rack-ltsv_logger!
  redis
  shotgun
  sinatra (= 1.4.3)
  sinatra-contrib (= 1.4.1)
  sinatra-template_metrics!
  unicorn (= 4.6.3)
  uuid (= 2.3.7)
